GIT
  remote: git://github.com/activeadmin/activeadmin.git
  revision: 3f9f081e512bc0f04398c3daca79530fd23428bb
  specs:
    activeadmin (2.0.0.alpha)
      arbre (>= 1.1.1)
      formtastic (~> 3.1)
      formtastic_i18n
      inherited_resources (>= 1.7.0)
      jquery-rails (>= 4.2.0)
      kaminari (>= 1.0.1)
      railties (>= 4.2, < 5.2)
      ransack (>= 1.8.7)
      sass (~> 3.4)
      sprockets (>= 3.0, < 4.1)
      sprockets-es6 (>= 0.9.2)

GEM
  remote: https://rubygems.org/
  specs:
    actionmailer (4.2.10)
      actionpack (= 4.2.10)
      actionview (= 4.2.10)
      activejob (= 4.2.10)
      mail (~> 2.5, >= 2.5.4)
      rails-dom-testing (~> 1.0, >= 1.0.5)
    actionpack (4.2.10)
      actionview (= 4.2.10)
      activesupport (= 4.2.10)
      rack (~> 1.6)
      rack-test (~> 0.6.2)
      rails-dom-testing (~> 1.0, >= 1.0.5)
      rails-html-sanitizer (~> 1.0, >= 1.0.2)
    actionview (4.2.10)
      activesupport (= 4.2.10)
      builder (~> 3.1)
      erubis (~> 2.7.0)
      rails-dom-testing (~> 1.0, >= 1.0.5)
      rails-html-sanitizer (~> 1.0, >= 1.0.3)
    activejob (4.2.10)
      activesupport (= 4.2.10)
      globalid (>= 0.3.0)
    activemodel (4.2.10)
      activesupport (= 4.2.10)
      builder (~> 3.1)
    activerecord (4.2.10)
      activemodel (= 4.2.10)
      activesupport (= 4.2.10)
      arel (~> 6.0)
    activesupport (4.2.10)
      i18n (~> 0.7)
      minitest (~> 5.1)
      thread_safe (~> 0.3, >= 0.3.4)
      tzinfo (~> 1.1)
    addressable (2.5.2)
      public_suffix (>= 2.0.2, < 4.0)
    arbre (1.1.1)
      activesupport (>= 3.0.0)
    arel (6.0.4)
    awesome_print (1.8.0)
    aws-partitions (1.70.0)
    aws-sdk (3.0.1)
      aws-sdk-resources (~> 3)
    aws-sdk-acm (1.3.0)
      aws-sdk-core (~> 3)
      aws-sigv4 (~> 1.0)
    aws-sdk-alexaforbusiness (1.1.0)
      aws-sdk-core (~> 3)
      aws-sigv4 (~> 1.0)
    aws-sdk-apigateway (1.9.0)
      aws-sdk-core (~> 3)
      aws-sigv4 (~> 1.0)
    aws-sdk-applicationautoscaling (1.8.0)
      aws-sdk-core (~> 3)
      aws-sigv4 (~> 1.0)
    aws-sdk-applicationdiscoveryservice (1.1.0)
      aws-sdk-core (~> 3)
      aws-sigv4 (~> 1.0)
    aws-sdk-appstream (1.6.0)
      aws-sdk-core (~> 3)
      aws-sigv4 (~> 1.0)
    aws-sdk-appsync (1.1.0)
      aws-sdk-core (~> 3)
      aws-sigv4 (~> 1.0)
    aws-sdk-athena (1.0.1)
      aws-sdk-core (~> 3)
      aws-sigv4 (~> 1.0)
    aws-sdk-autoscaling (1.5.0)
      aws-sdk-core (~> 3)
      aws-sigv4 (~> 1.0)
    aws-sdk-autoscalingplans (1.1.0)
      aws-sdk-core (~> 3)
      aws-sigv4 (~> 1.0)
    aws-sdk-batch (1.3.0)
      aws-sdk-core (~> 3)
      aws-sigv4 (~> 1.0)
    aws-sdk-budgets (1.5.0)
      aws-sdk-core (~> 3)
      aws-sigv4 (~> 1.0)
    aws-sdk-cloud9 (1.1.0)
      aws-sdk-core (~> 3)
      aws-sigv4 (~> 1.0)
    aws-sdk-clouddirectory (1.1.0)
      aws-sdk-core (~> 3)
      aws-sigv4 (~> 1.0)
    aws-sdk-cloudformation (1.3.0)
      aws-sdk-core (~> 3)
      aws-sigv4 (~> 1.0)
    aws-sdk-cloudfront (1.1.0)
      aws-sdk-core (~> 3)
      aws-sigv4 (~> 1.0)
    aws-sdk-cloudhsm (1.3.0)
      aws-sdk-core (~> 3)
      aws-sigv4 (~> 1.0)
    aws-sdk-cloudhsmv2 (1.1.0)
      aws-sdk-core (~> 3)
      aws-sigv4 (~> 1.0)
    aws-sdk-cloudsearch (1.0.1)
      aws-sdk-core (~> 3)
      aws-sigv4 (~> 1.0)
    aws-sdk-cloudsearchdomain (1.0.1)
      aws-sdk-core (~> 3)
      aws-sigv4 (~> 1.0)
    aws-sdk-cloudtrail (1.0.1)
      aws-sdk-core (~> 3)
      aws-sigv4 (~> 1.0)
    aws-sdk-cloudwatch (1.4.0)
      aws-sdk-core (~> 3)
      aws-sigv4 (~> 1.0)
    aws-sdk-cloudwatchevents (1.2.0)
      aws-sdk-core (~> 3)
      aws-sigv4 (~> 1.0)
    aws-sdk-cloudwatchlogs (1.2.0)
      aws-sdk-core (~> 3)
      aws-sigv4 (~> 1.0)
    aws-sdk-codebuild (1.6.0)
      aws-sdk-core (~> 3)
      aws-sigv4 (~> 1.0)
    aws-sdk-codecommit (1.3.0)
      aws-sdk-core (~> 3)
      aws-sigv4 (~> 1.0)
    aws-sdk-codedeploy (1.3.0)
      aws-sdk-core (~> 3)
      aws-sigv4 (~> 1.0)
    aws-sdk-codepipeline (1.1.0)
      aws-sdk-core (~> 3)
      aws-sigv4 (~> 1.0)
    aws-sdk-codestar (1.1.0)
      aws-sdk-core (~> 3)
      aws-sigv4 (~> 1.0)
    aws-sdk-cognitoidentity (1.0.1)
      aws-sdk-core (~> 3)
      aws-sigv4 (~> 1.0)
    aws-sdk-cognitoidentityprovider (1.3.0)
      aws-sdk-core (~> 3)
      aws-sigv4 (~> 1.0)
    aws-sdk-cognitosync (1.0.1)
      aws-sdk-core (~> 3)
      aws-sigv4 (~> 1.0)
    aws-sdk-comprehend (1.0.0)
      aws-sdk-core (~> 3)
      aws-sigv4 (~> 1.0)
    aws-sdk-configservice (1.6.0)
      aws-sdk-core (~> 3)
      aws-sigv4 (~> 1.0)
    aws-sdk-core (3.17.0)
      aws-partitions (~> 1.0)
      aws-sigv4 (~> 1.0)
      jmespath (~> 1.0)
    aws-sdk-costandusagereportservice (1.0.1)
      aws-sdk-core (~> 3)
      aws-sigv4 (~> 1.0)
    aws-sdk-costexplorer (1.1.0)
      aws-sdk-core (~> 3)
      aws-sigv4 (~> 1.0)
    aws-sdk-databasemigrationservice (1.4.0)
      aws-sdk-core (~> 3)
      aws-sigv4 (~> 1.0)
    aws-sdk-datapipeline (1.0.1)
      aws-sdk-core (~> 3)
      aws-sigv4 (~> 1.0)
    aws-sdk-dax (1.0.1)
      aws-sdk-core (~> 3)
      aws-sigv4 (~> 1.0)
    aws-sdk-devicefarm (1.3.0)
      aws-sdk-core (~> 3)
      aws-sigv4 (~> 1.0)
    aws-sdk-directconnect (1.1.0)
      aws-sdk-core (~> 3)
      aws-sigv4 (~> 1.0)
    aws-sdk-directoryservice (1.1.0)
      aws-sdk-core (~> 3)
      aws-sigv4 (~> 1.0)
    aws-sdk-dynamodb (1.4.0)
      aws-sdk-core (~> 3)
      aws-sigv4 (~> 1.0)
    aws-sdk-dynamodbstreams (1.0.1)
      aws-sdk-core (~> 3)
      aws-sigv4 (~> 1.0)
    aws-sdk-ec2 (1.29.0)
      aws-sdk-core (~> 3)
      aws-sigv4 (~> 1.0)
    aws-sdk-ecr (1.3.0)
      aws-sdk-core (~> 3)
      aws-sigv4 (~> 1.0)
    aws-sdk-ecs (1.10.0)
      aws-sdk-core (~> 3)
      aws-sigv4 (~> 1.0)
    aws-sdk-efs (1.0.1)
      aws-sdk-core (~> 3)
      aws-sigv4 (~> 1.0)
    aws-sdk-elasticache (1.3.0)
      aws-sdk-core (~> 3)
      aws-sigv4 (~> 1.0)
    aws-sdk-elasticbeanstalk (1.3.0)
      aws-sdk-core (~> 3)
      aws-sigv4 (~> 1.0)
    aws-sdk-elasticloadbalancing (1.2.0)
      aws-sdk-core (~> 3)
      aws-sigv4 (~> 1.0)
    aws-sdk-elasticloadbalancingv2 (1.8.0)
      aws-sdk-core (~> 3)
      aws-sigv4 (~> 1.0)
    aws-sdk-elasticsearchservice (1.3.0)
      aws-sdk-core (~> 3)
      aws-sigv4 (~> 1.0)
    aws-sdk-elastictranscoder (1.0.1)
      aws-sdk-core (~> 3)
      aws-sigv4 (~> 1.0)
    aws-sdk-emr (1.1.0)
      aws-sdk-core (~> 3)
      aws-sigv4 (~> 1.0)
    aws-sdk-firehose (1.1.0)
      aws-sdk-core (~> 3)
      aws-sigv4 (~> 1.0)
    aws-sdk-gamelift (1.3.0)
      aws-sdk-core (~> 3)
      aws-sigv4 (~> 1.0)
    aws-sdk-glacier (1.6.0)
      aws-sdk-core (~> 3)
      aws-sigv4 (~> 1.0)
    aws-sdk-glue (1.5.0)
      aws-sdk-core (~> 3)
      aws-sigv4 (~> 1.0)
    aws-sdk-greengrass (1.2.0)
      aws-sdk-core (~> 3)
      aws-sigv4 (~> 1.0)
    aws-sdk-guardduty (1.2.0)
      aws-sdk-core (~> 3)
      aws-sigv4 (~> 1.0)
    aws-sdk-health (1.0.1)
      aws-sdk-core (~> 3)
      aws-sigv4 (~> 1.0)
    aws-sdk-iam (1.3.0)
      aws-sdk-core (~> 3)
      aws-sigv4 (~> 1.0)
    aws-sdk-importexport (1.0.1)
      aws-sdk-core (~> 3)
      aws-sigv2 (~> 1.0)
    aws-sdk-inspector (1.3.0)
      aws-sdk-core (~> 3)
      aws-sigv4 (~> 1.0)
    aws-sdk-iot (1.4.0)
      aws-sdk-core (~> 3)
      aws-sigv4 (~> 1.0)
    aws-sdk-iotdataplane (1.0.1)
      aws-sdk-core (~> 3)
      aws-sigv4 (~> 1.0)
    aws-sdk-iotjobsdataplane (1.0.0)
      aws-sdk-core (~> 3)
      aws-sigv4 (~> 1.0)
    aws-sdk-kinesis (1.2.0)
      aws-sdk-core (~> 3)
      aws-sigv4 (~> 1.0)
    aws-sdk-kinesisanalytics (1.2.0)
      aws-sdk-core (~> 3)
      aws-sigv4 (~> 1.0)
    aws-sdk-kinesisvideo (1.0.0)
      aws-sdk-core (~> 3)
      aws-sigv4 (~> 1.0)
    aws-sdk-kinesisvideoarchivedmedia (1.0.0)
      aws-sdk-core (~> 3)
      aws-sigv4 (~> 1.0)
    aws-sdk-kinesisvideomedia (1.0.0)
      aws-sdk-core (~> 3)
      aws-sigv4 (~> 1.0)
    aws-sdk-kms (1.5.0)
      aws-sdk-core (~> 3)
      aws-sigv4 (~> 1.0)
    aws-sdk-lambda (1.4.0)
      aws-sdk-core (~> 3)
      aws-sigv4 (~> 1.0)
    aws-sdk-lambdapreview (1.0.1)
      aws-sdk-core (~> 3)
      aws-sigv4 (~> 1.0)
    aws-sdk-lex (1.3.0)
      aws-sdk-core (~> 3)
      aws-sigv4 (~> 1.0)
    aws-sdk-lexmodelbuildingservice (1.5.0)
      aws-sdk-core (~> 3)
      aws-sigv4 (~> 1.0)
    aws-sdk-lightsail (1.3.0)
      aws-sdk-core (~> 3)
      aws-sigv4 (~> 1.0)
    aws-sdk-machinelearning (1.0.1)
      aws-sdk-core (~> 3)
      aws-sigv4 (~> 1.0)
    aws-sdk-marketplacecommerceanalytics (1.0.1)
      aws-sdk-core (~> 3)
      aws-sigv4 (~> 1.0)
    aws-sdk-marketplaceentitlementservice (1.0.1)
      aws-sdk-core (~> 3)
      aws-sigv4 (~> 1.0)
    aws-sdk-marketplacemetering (1.0.1)
      aws-sdk-core (~> 3)
      aws-sigv4 (~> 1.0)
    aws-sdk-mediaconvert (1.1.0)
      aws-sdk-core (~> 3)
      aws-sigv4 (~> 1.0)
    aws-sdk-medialive (1.3.0)
      aws-sdk-core (~> 3)
      aws-sigv4 (~> 1.0)
    aws-sdk-mediapackage (1.0.0)
      aws-sdk-core (~> 3)
      aws-sigv4 (~> 1.0)
    aws-sdk-mediastore (1.1.0)
      aws-sdk-core (~> 3)
      aws-sigv4 (~> 1.0)
    aws-sdk-mediastoredata (1.1.0)
      aws-sdk-core (~> 3)
      aws-sigv4 (~> 1.0)
    aws-sdk-migrationhub (1.1.0)
      aws-sdk-core (~> 3)
      aws-sigv4 (~> 1.0)
    aws-sdk-mobile (1.0.0)
      aws-sdk-core (~> 3)
      aws-sigv4 (~> 1.0)
    aws-sdk-mq (1.0.0)
      aws-sdk-core (~> 3)
      aws-sigv4 (~> 1.0)
    aws-sdk-mturk (1.2.0)
      aws-sdk-core (~> 3)
      aws-sigv4 (~> 1.0)
    aws-sdk-opsworks (1.2.0)
      aws-sdk-core (~> 3)
      aws-sigv4 (~> 1.0)
    aws-sdk-opsworkscm (1.2.0)
      aws-sdk-core (~> 3)
      aws-sigv4 (~> 1.0)
    aws-sdk-organizations (1.7.0)
      aws-sdk-core (~> 3)
      aws-sigv4 (~> 1.0)
    aws-sdk-pinpoint (1.3.0)
      aws-sdk-core (~> 3)
      aws-sigv4 (~> 1.0)
    aws-sdk-polly (1.4.0)
      aws-sdk-core (~> 3)
      aws-sigv4 (~> 1.0)
    aws-sdk-pricing (1.0.0)
      aws-sdk-core (~> 3)
      aws-sigv4 (~> 1.0)
    aws-sdk-rds (1.14.0)
      aws-sdk-core (~> 3)
      aws-sigv4 (~> 1.0)
    aws-sdk-redshift (1.2.0)
      aws-sdk-core (~> 3)
      aws-sigv4 (~> 1.0)
    aws-sdk-rekognition (1.2.0)
      aws-sdk-core (~> 3)
      aws-sigv4 (~> 1.0)
    aws-sdk-resourcegroups (1.0.0)
      aws-sdk-core (~> 3)
      aws-sigv4 (~> 1.0)
    aws-sdk-resourcegroupstaggingapi (1.0.1)
      aws-sdk-core (~> 3)
      aws-sigv4 (~> 1.0)
    aws-sdk-resources (3.12.0)
      aws-sdk-acm (~> 1)
      aws-sdk-alexaforbusiness (~> 1)
      aws-sdk-apigateway (~> 1)
      aws-sdk-applicationautoscaling (~> 1)
      aws-sdk-applicationdiscoveryservice (~> 1)
      aws-sdk-appstream (~> 1)
      aws-sdk-appsync (~> 1)
      aws-sdk-athena (~> 1)
      aws-sdk-autoscaling (~> 1)
      aws-sdk-autoscalingplans (~> 1)
      aws-sdk-batch (~> 1)
      aws-sdk-budgets (~> 1)
      aws-sdk-cloud9 (~> 1)
      aws-sdk-clouddirectory (~> 1)
      aws-sdk-cloudformation (~> 1)
      aws-sdk-cloudfront (~> 1)
      aws-sdk-cloudhsm (~> 1)
      aws-sdk-cloudhsmv2 (~> 1)
      aws-sdk-cloudsearch (~> 1)
      aws-sdk-cloudsearchdomain (~> 1)
      aws-sdk-cloudtrail (~> 1)
      aws-sdk-cloudwatch (~> 1)
      aws-sdk-cloudwatchevents (~> 1)
      aws-sdk-cloudwatchlogs (~> 1)
      aws-sdk-codebuild (~> 1)
      aws-sdk-codecommit (~> 1)
      aws-sdk-codedeploy (~> 1)
      aws-sdk-codepipeline (~> 1)
      aws-sdk-codestar (~> 1)
      aws-sdk-cognitoidentity (~> 1)
      aws-sdk-cognitoidentityprovider (~> 1)
      aws-sdk-cognitosync (~> 1)
      aws-sdk-comprehend (~> 1)
      aws-sdk-configservice (~> 1)
      aws-sdk-costandusagereportservice (~> 1)
      aws-sdk-costexplorer (~> 1)
      aws-sdk-databasemigrationservice (~> 1)
      aws-sdk-datapipeline (~> 1)
      aws-sdk-dax (~> 1)
      aws-sdk-devicefarm (~> 1)
      aws-sdk-directconnect (~> 1)
      aws-sdk-directoryservice (~> 1)
      aws-sdk-dynamodb (~> 1)
      aws-sdk-dynamodbstreams (~> 1)
      aws-sdk-ec2 (~> 1)
      aws-sdk-ecr (~> 1)
      aws-sdk-ecs (~> 1)
      aws-sdk-efs (~> 1)
      aws-sdk-elasticache (~> 1)
      aws-sdk-elasticbeanstalk (~> 1)
      aws-sdk-elasticloadbalancing (~> 1)
      aws-sdk-elasticloadbalancingv2 (~> 1)
      aws-sdk-elasticsearchservice (~> 1)
      aws-sdk-elastictranscoder (~> 1)
      aws-sdk-emr (~> 1)
      aws-sdk-firehose (~> 1)
      aws-sdk-gamelift (~> 1)
      aws-sdk-glacier (~> 1)
      aws-sdk-glue (~> 1)
      aws-sdk-greengrass (~> 1)
      aws-sdk-guardduty (~> 1)
      aws-sdk-health (~> 1)
      aws-sdk-iam (~> 1)
      aws-sdk-importexport (~> 1)
      aws-sdk-inspector (~> 1)
      aws-sdk-iot (~> 1)
      aws-sdk-iotdataplane (~> 1)
      aws-sdk-iotjobsdataplane (~> 1)
      aws-sdk-kinesis (~> 1)
      aws-sdk-kinesisanalytics (~> 1)
      aws-sdk-kinesisvideo (~> 1)
      aws-sdk-kinesisvideoarchivedmedia (~> 1)
      aws-sdk-kinesisvideomedia (~> 1)
      aws-sdk-kms (~> 1)
      aws-sdk-lambda (~> 1)
      aws-sdk-lambdapreview (~> 1)
      aws-sdk-lex (~> 1)
      aws-sdk-lexmodelbuildingservice (~> 1)
      aws-sdk-lightsail (~> 1)
      aws-sdk-machinelearning (~> 1)
      aws-sdk-marketplacecommerceanalytics (~> 1)
      aws-sdk-marketplaceentitlementservice (~> 1)
      aws-sdk-marketplacemetering (~> 1)
      aws-sdk-mediaconvert (~> 1)
      aws-sdk-medialive (~> 1)
      aws-sdk-mediapackage (~> 1)
      aws-sdk-mediastore (~> 1)
      aws-sdk-mediastoredata (~> 1)
      aws-sdk-migrationhub (~> 1)
      aws-sdk-mobile (~> 1)
      aws-sdk-mq (~> 1)
      aws-sdk-mturk (~> 1)
      aws-sdk-opsworks (~> 1)
      aws-sdk-opsworkscm (~> 1)
      aws-sdk-organizations (~> 1)
      aws-sdk-pinpoint (~> 1)
      aws-sdk-polly (~> 1)
      aws-sdk-pricing (~> 1)
      aws-sdk-rds (~> 1)
      aws-sdk-redshift (~> 1)
      aws-sdk-rekognition (~> 1)
      aws-sdk-resourcegroups (~> 1)
      aws-sdk-resourcegroupstaggingapi (~> 1)
      aws-sdk-route53 (~> 1)
      aws-sdk-route53domains (~> 1)
      aws-sdk-s3 (~> 1)
      aws-sdk-sagemaker (~> 1)
      aws-sdk-sagemakerruntime (~> 1)
      aws-sdk-serverlessapplicationrepository (~> 1)
      aws-sdk-servicecatalog (~> 1)
      aws-sdk-servicediscovery (~> 1)
      aws-sdk-ses (~> 1)
      aws-sdk-shield (~> 1)
      aws-sdk-simpledb (~> 1)
      aws-sdk-sms (~> 1)
      aws-sdk-snowball (~> 1)
      aws-sdk-sns (~> 1)
      aws-sdk-sqs (~> 1)
      aws-sdk-ssm (~> 1)
      aws-sdk-states (~> 1)
      aws-sdk-storagegateway (~> 1)
      aws-sdk-support (~> 1)
      aws-sdk-swf (~> 1)
      aws-sdk-transcribeservice (~> 1)
      aws-sdk-translate (~> 1)
      aws-sdk-waf (~> 1)
      aws-sdk-wafregional (~> 1)
      aws-sdk-workdocs (~> 1)
      aws-sdk-workmail (~> 1)
      aws-sdk-workspaces (~> 1)
      aws-sdk-xray (~> 1)
    aws-sdk-route53 (1.9.0)
      aws-sdk-core (~> 3)
      aws-sigv4 (~> 1.0)
    aws-sdk-route53domains (1.1.0)
      aws-sdk-core (~> 3)
      aws-sigv4 (~> 1.0)
    aws-sdk-s3 (1.8.2)
      aws-sdk-core (~> 3)
      aws-sdk-kms (~> 1)
      aws-sigv4 (~> 1.0)
    aws-sdk-sagemaker (1.5.0)
      aws-sdk-core (~> 3)
      aws-sigv4 (~> 1.0)
    aws-sdk-sagemakerruntime (1.0.0)
      aws-sdk-core (~> 3)
      aws-sigv4 (~> 1.0)
    aws-sdk-serverlessapplicationrepository (1.1.0)
      aws-sdk-core (~> 3)
      aws-sigv4 (~> 1.0)
    aws-sdk-servicecatalog (1.4.0)
      aws-sdk-core (~> 3)
      aws-sigv4 (~> 1.0)
    aws-sdk-servicediscovery (1.1.0)
      aws-sdk-core (~> 3)
      aws-sigv4 (~> 1.0)
    aws-sdk-ses (1.6.0)
      aws-sdk-core (~> 3)
      aws-sigv4 (~> 1.0)
    aws-sdk-shield (1.1.0)
      aws-sdk-core (~> 3)
      aws-sigv4 (~> 1.0)
    aws-sdk-simpledb (1.0.1)
      aws-sdk-core (~> 3)
      aws-sigv2 (~> 1.0)
    aws-sdk-sms (1.0.1)
      aws-sdk-core (~> 3)
      aws-sigv4 (~> 1.0)
    aws-sdk-snowball (1.2.0)
      aws-sdk-core (~> 3)
      aws-sigv4 (~> 1.0)
    aws-sdk-sns (1.1.0)
      aws-sdk-core (~> 3)
      aws-sigv4 (~> 1.0)
    aws-sdk-sqs (1.3.0)
      aws-sdk-core (~> 3)
      aws-sigv4 (~> 1.0)
    aws-sdk-ssm (1.8.0)
      aws-sdk-core (~> 3)
      aws-sigv4 (~> 1.0)
    aws-sdk-states (1.2.0)
      aws-sdk-core (~> 3)
      aws-sigv4 (~> 1.0)
    aws-sdk-storagegateway (1.3.0)
      aws-sdk-core (~> 3)
      aws-sigv4 (~> 1.0)
    aws-sdk-support (1.0.1)
      aws-sdk-core (~> 3)
      aws-sigv4 (~> 1.0)
    aws-sdk-swf (1.0.1)
      aws-sdk-core (~> 3)
      aws-sigv4 (~> 1.0)
    aws-sdk-transcribeservice (1.0.0)
      aws-sdk-core (~> 3)
      aws-sigv4 (~> 1.0)
    aws-sdk-translate (1.0.0)
      aws-sdk-core (~> 3)
      aws-sigv4 (~> 1.0)
    aws-sdk-waf (1.4.0)
      aws-sdk-core (~> 3)
      aws-sigv4 (~> 1.0)
    aws-sdk-wafregional (1.4.0)
      aws-sdk-core (~> 3)
      aws-sigv4 (~> 1.0)
    aws-sdk-workdocs (1.1.0)
      aws-sdk-core (~> 3)
      aws-sigv4 (~> 1.0)
    aws-sdk-workmail (1.0.0)
      aws-sdk-core (~> 3)
      aws-sigv4 (~> 1.0)
    aws-sdk-workspaces (1.1.0)
      aws-sdk-core (~> 3)
      aws-sigv4 (~> 1.0)
    aws-sdk-xray (1.1.0)
      aws-sdk-core (~> 3)
      aws-sigv4 (~> 1.0)
    aws-sigv2 (1.0.1)
    aws-sigv4 (1.0.2)
    babel-source (5.8.35)
    babel-transpiler (0.7.0)
      babel-source (>= 4.0, < 6)
      execjs (~> 2.0)
    bcrypt (3.1.11)
    builder (3.2.3)
    climate_control (0.2.0)
    coderay (1.1.2)
    coffee-rails (4.2.2)
      coffee-script (>= 2.2.0)
      railties (>= 4.0.0)
    coffee-script (2.4.1)
      coffee-script-source
      execjs
    coffee-script-source (1.12.2)
    concurrent-ruby (1.0.5)
    crass (1.0.3)
    daemons (1.2.6)
    dalli (2.7.6)
    devise (4.4.1)
      bcrypt (~> 3.0)
      orm_adapter (~> 0.1)
      railties (>= 4.1.0, < 5.2)
      responders
      warden (~> 1.2.3)
    draper (2.1.0)
      actionpack (>= 3.0)
      activemodel (>= 3.0)
      activesupport (>= 3.0)
      request_store (~> 1.0)
    erubis (2.7.0)
    eventmachine (1.2.5)
    execjs (2.7.0)
    faraday (0.14.0)
      multipart-post (>= 1.2, < 3)
    ffi (1.9.23)
    foreman (0.84.0)
      thor (~> 0.19.1)
    formtastic (3.1.5)
      actionpack (>= 3.2.13)
    formtastic_i18n (0.6.0)
    globalid (0.4.1)
      activesupport (>= 4.2.0)
    has_scope (0.7.1)
      actionpack (>= 4.1, < 5.2)
      activesupport (>= 4.1, < 5.2)
    i18n (0.9.5)
      concurrent-ruby (~> 1.0)
    inherited_resources (1.8.0)
      actionpack (>= 4.2, <= 5.2)
      has_scope (~> 0.6)
      railties (>= 4.2, <= 5.2)
      responders
    jmespath (1.3.1)
    jquery-rails (4.3.1)
      rails-dom-testing (>= 1, < 3)
      railties (>= 4.2.0)
      thor (>= 0.14, < 2.0)
    json (2.1.0)
    kaminari (1.1.1)
      activesupport (>= 4.1.0)
      kaminari-actionview (= 1.1.1)
      kaminari-activerecord (= 1.1.1)
      kaminari-core (= 1.1.1)
    kaminari-actionview (1.1.1)
      actionview
      kaminari-core (= 1.1.1)
    kaminari-activerecord (1.1.1)
      activerecord
      kaminari-core (= 1.1.1)
    kaminari-core (1.1.1)
    koala (3.0.0)
      addressable
      faraday
      json (>= 1.8)
    loofah (2.2.0)
      crass (~> 1.0.2)
      nokogiri (>= 1.5.9)
    mail (2.7.0)
      mini_mime (>= 0.1.1)
    memcachier (0.0.2)
    method_source (0.9.0)
    mime-types (3.1)
      mime-types-data (~> 3.2015)
    mime-types-data (3.2016.0521)
    mimemagic (0.3.2)
    mini_mime (1.0.0)
    mini_portile2 (2.3.0)
    minitest (5.11.3)
    multipart-post (2.0.0)
    nokogiri (1.8.2)
      mini_portile2 (~> 2.3.0)
    orm_adapter (0.5.0)
    paperclip (6.0.0)
      activemodel (>= 4.2.0)
      activesupport (>= 4.2.0)
      mime-types
      mimemagic (~> 0.3.0)
      terrapin (~> 0.6.0)
    pg (1.0.0)
    polyamorous (1.3.3)
      activerecord (>= 3.0)
    pry (0.11.3)
      coderay (~> 1.1.0)
      method_source (~> 0.9.0)
    public_suffix (3.0.2)
    rack (1.6.9)
    rack-test (0.6.3)
      rack (>= 1.0)
    rails (4.2.10)
      actionmailer (= 4.2.10)
      actionpack (= 4.2.10)
      actionview (= 4.2.10)
      activejob (= 4.2.10)
      activemodel (= 4.2.10)
      activerecord (= 4.2.10)
      activesupport (= 4.2.10)
      bundler (>= 1.3.0, < 2.0)
      railties (= 4.2.10)
      sprockets-rails
    rails-deprecated_sanitizer (1.0.3)
      activesupport (>= 4.2.0.alpha)
    rails-dom-testing (1.0.9)
      activesupport (>= 4.2.0, < 5.0)
      nokogiri (~> 1.6)
      rails-deprecated_sanitizer (>= 1.0.1)
    rails-html-sanitizer (1.0.3)
      loofah (~> 2.0)
    rails_12factor (0.0.3)
      rails_serve_static_assets
      rails_stdout_logging
    rails_autolink (1.1.6)
      rails (> 3.1)
    rails_serve_static_assets (0.0.5)
    rails_stdout_logging (0.0.5)
    railties (4.2.10)
      actionpack (= 4.2.10)
      activesupport (= 4.2.10)
      rake (>= 0.8.7)
      thor (>= 0.18.1, < 2.0)
    rake (12.3.0)
    ransack (1.8.7)
      actionpack (>= 3.0)
      activerecord (>= 3.0)
      activesupport (>= 3.0)
      i18n
      polyamorous (~> 1.3.2)
    rb-fsevent (0.10.3)
    rb-inotify (0.9.10)
      ffi (>= 0.5.0, < 2)
    rdoc (6.0.1)
    request_store (1.4.0)
      rack (>= 1.4)
    responders (2.4.0)
      actionpack (>= 4.2.0, < 5.3)
      railties (>= 4.2.0, < 5.3)
    sass (3.5.5)
      sass-listen (~> 4.0.0)
    sass-listen (4.0.0)
      rb-fsevent (~> 0.9, >= 0.9.4)
      rb-inotify (~> 0.9, >= 0.9.7)
    sass-rails (5.0.7)
      railties (>= 4.0.0, < 6)
      sass (~> 3.1)
      sprockets (>= 2.8, < 4.0)
      sprockets-rails (>= 2.0, < 4.0)
      tilt (>= 1.1, < 3)
    sdoc (1.0.0)
      rdoc (>= 5.0)
    sprockets (3.7.1)
      concurrent-ruby (~> 1.0)
      rack (> 1, < 3)
    sprockets-es6 (0.9.2)
      babel-source (>= 5.8.11)
      babel-transpiler
      sprockets (>= 3.0.0)
    sprockets-rails (3.2.1)
      actionpack (>= 4.0)
      activesupport (>= 4.0)
      sprockets (>= 3.0.0)
    sqlite3 (1.3.13)
    terrapin (0.6.0)
      climate_control (>= 0.0.3, < 1.0)
    thin (1.7.2)
      daemons (~> 1.0, >= 1.0.9)
      eventmachine (~> 1.0, >= 1.0.4)
      rack (>= 1, < 3)
    thor (0.19.4)
    thread_safe (0.3.6)
    tilt (2.0.8)
    tzinfo (1.2.5)
      thread_safe (~> 0.1)
    uglifier (4.1.7)
      execjs (>= 0.3.0, < 3)
    warden (1.2.7)
      rack (>= 1.0)

PLATFORMS
  ruby

DEPENDENCIES
  activeadmin!
  awesome_print
  aws-sdk
  coffee-rails
  dalli
  devise
  draper
  foreman
  jquery-rails
  koala
  memcachier
  paperclip
  pg
  pry
  rails (~> 4.2.0)
  rails_12factor
  rails_autolink
  sass-rails
  sdoc
  sqlite3
  thin
  uglifier

RUBY VERSION
   ruby 2.3.1p112

BUNDLED WITH
   1.16.1
